GEM
  remote: http://rubygems.org/
  specs:
    coderay (1.1.1)
    dotenv (2.1.1)
    method_source (0.8.2)
    net-sftp (2.1.2)
      net-ssh (>= 2.6.5)
    net-ssh (3.2.0)
    pry (0.10.3)
      coderay (~> 1.1.0)
      method_source (~> 0.8.1)
      slop (~> 3.4)
    pry-nav (0.2.4)
      pry (>= 0.9.10, < 0.11.0)
    ruby_http_client (2.1.4)
    sendgrid-ruby (3.0.6)
      ruby_http_client (~> 2.1.3)
    slop (3.6.0)

PLATFORMS
  ruby

DEPENDENCIES
  dotenv
  net-sftp
  pry-nav
  sendgrid-ruby

BUNDLED WITH
   1.12.5
